PATH
  remote: .
  specs:
    vines (0.4.2)
      activerecord (~> 3.2.1)
      bcrypt-ruby (~> 3.0.1)
      bson_ext (~> 1.5.2)
      em-hiredis (~> 0.1.0)
      em-http-request (~> 1.0.1)
      eventmachine (= 1.0.0.beta.4)
      http_parser.rb (~> 0.5.3)
      mongo (~> 1.5.2)
      net-ldap (~> 0.2.2)
      nokogiri (~> 1.4.7)

GEM
  remote: https://rubygems.org/
  specs:
    activemodel (3.2.3)
      activesupport (= 3.2.3)
      builder (~> 3.0.0)
    activerecord (3.2.3)
      activemodel (= 3.2.3)
      activesupport (= 3.2.3)
      arel (~> 3.0.2)
      tzinfo (~> 0.3.29)
    activesupport (3.2.3)
      i18n (~> 0.6)
      multi_json (~> 1.0)
    addressable (2.2.7)
    arel (3.0.2)
    bcrypt-ruby (3.0.1)
    bson (1.5.2)
    bson_ext (1.5.2)
      bson (= 1.5.2)
    builder (3.0.0)
    coffee-script (2.2.0)
      coffee-script-source
      execjs
    coffee-script-source (1.2.0)
    cookiejar (0.3.0)
    em-hiredis (0.1.1)
      hiredis (~> 0.4.0)
    em-http-request (1.0.2)
      addressable (>= 2.2.3)
      cookiejar
      em-socksify
      eventmachine (>= 1.0.0.beta.4)
      http_parser.rb (>= 0.5.3)
    em-socksify (0.2.0)
      eventmachine (>= 1.0.0.beta.4)
    eventmachine (1.0.0.beta.4)
    execjs (1.3.0)
      multi_json (~> 1.0)
    hiredis (0.4.5)
    http_parser.rb (0.5.3)
    i18n (0.6.0)
    minitest (2.11.4)
    mongo (1.5.2)
      bson (= 1.5.2)
    multi_json (1.2.0)
    net-ldap (0.2.2)
    nokogiri (1.4.7)
    rake (0.9.2.2)
    sqlite3 (1.3.5)
    tzinfo (0.3.32)
    uglifier (1.2.4)
      execjs (>= 0.3.0)
      multi_json (>= 1.0.2)

PLATFORMS
  ruby

DEPENDENCIES
  coffee-script (~> 2.2.0)
  coffee-script-source (~> 1.2.0)
  minitest (~> 2.11.2)
  rake
  sqlite3
  uglifier (~> 1.2.3)
  vines!
